{
    "AccelFactPE": 2, 
    "AcquisitionNumber": 1, 
    "AcquisitionTime": "15:33:25.030000", 
    "BandwidthPerPixelPhaseEncode": 22.894, 
    "BodyPartExamined": "BRAIN", 
    "ConversionSoftware": "dcm2niix", 
    "ConversionSoftwareVersion": "v1.0.20170724 (OpenJPEG build) GCC6.1.0", 
    "DeviceSerialNumber": "167045", 
    "EchoTime": 0.027, 
    "EchoTrainLength": 74, 
    "EffectiveEchoSpacing": 0.000519995, 
    "FlipAngle": 66, 
    "ImageType": [
        "ORIGINAL", 
        "PRIMARY", 
        "M", 
        "ND", 
        "NORM", 
        "MOSAIC"
    ], 
    "InstitutionAddress": "De_Pintelaan_185_Gent_District_BE_9000", 
    "InstitutionName": "UZ_Gent", 
    "MagneticFieldStrength": 3, 
    "Manufacturer": "Siemens", 
    "ManufacturersModelName": "Prisma_fit", 
    "PhaseEncodingDirection": "j-", 
    "PhaseEncodingLines": 84, 
    "ProcedureStepDescription": "MR_hersenen_(structuur_alleen)_O", 
    "ProtocolName": "ep2d_bold_TASK_BETTING", 
    "RepetitionTime": 1.72, 
    "ScanningSequence": "EP", 
    "SequenceName": "_epfid2d1_84", 
    "SequenceVariant": "SK", 
    "SeriesDescription": "ep2d_bold_TASK_BETTING", 
    "SliceTiming": [
        1.2425, 
        0, 
        0.85, 
        0.065, 
        0.915, 
        0.13, 
        0.98, 
        0.1975, 
        1.0475, 
        0.2625, 
        1.1125, 
        0.3275, 
        1.1775, 
        0.4575, 
        1.3075, 
        0.5225, 
        1.3725, 
        0.59, 
        1.44, 
        0.655, 
        1.505, 
        0.72, 
        1.57, 
        0.785, 
        1.635, 
        0.3925, 
        1.2425, 
        0, 
        0.85, 
        0.065, 
        0.915, 
        0.13, 
        0.98, 
        0.1975, 
        1.0475, 
        0.2625, 
        1.1125, 
        0.3275, 
        1.1775, 
        0.4575, 
        1.3075, 
        0.5225, 
        1.3725, 
        0.59, 
        1.44, 
        0.655, 
        1.505, 
        0.72, 
        1.57, 
        0.785, 
        1.635, 
        0.3925
    ], 
    "SoftwareVersions": "syngo_MR_E11", 
    "TaskName": "cueexposure", 
    "TotalReadoutTime": 0.0374396, 
    "TrueEchoSpacing": 0.00103999
}